GEM
  remote: https://rubygems.org/
  specs:
    artifactory (2.8.2)
    aws-sdk (2.11.149)
      aws-sdk-resources (= 2.11.149)
    aws-sdk-core (2.11.149)
      aws-sigv4 (~> 1.0)
      jmespath (~> 1.0)
    aws-sdk-resources (2.11.149)
      aws-sdk-core (= 2.11.149)
    aws-sigv4 (1.0.3)
    diff-lcs (1.3)
    excon (0.92.1)
    jmespath (1.6.2)
    kitchen-ansible (0.48.8)
      net-ssh (>= 3)
      test-kitchen (~> 1.4)
    kitchen-docker (2.6.0)
      test-kitchen (>= 1.0.0)
    kitchen-ec2 (2.2.2)
      aws-sdk (~> 2)
      excon
      multi_json
      retryable (~> 2.0)
      test-kitchen (~> 1.4, >= 1.4.1)
    kitchen-verifier-serverspec (0.6.11)
      net-ssh (>= 3)
      test-kitchen (~> 1.4)
    mixlib-install (1.2.4)
      artifactory
      mixlib-shellout
      mixlib-versioning
    mixlib-shellout (2.4.0)
    mixlib-versioning (1.2.2)
    multi_json (1.13.1)
    net-scp (1.2.1)
      net-ssh (>= 2.6.5)
    net-ssh (3.2.0)
    net-telnet (0.1.1)
    retryable (2.0.4)
    rspec (3.8.0)
      rspec-core (~> 3.8.0)
      rspec-expectations (~> 3.8.0)
      rspec-mocks (~> 3.8.0)
    rspec-core (3.8.0)
      rspec-support (~> 3.8.0)
    rspec-expectations (3.8.2)
      diff-lcs (>= 1.2.0, < 2.0)
      rspec-support (~> 3.8.0)
    rspec-its (1.2.0)
      rspec-core (>= 3.0.0)
      rspec-expectations (>= 3.0.0)
    rspec-mocks (3.8.0)
      diff-lcs (>= 1.2.0, < 2.0)
      rspec-support (~> 3.8.0)
    rspec-support (3.8.0)
    safe_yaml (1.0.4)
    serverspec (2.41.3)
      multi_json
      rspec (~> 3.0)
      rspec-its
      specinfra (~> 2.72)
    sfl (2.3)
    specinfra (2.76.2)
      net-scp
      net-ssh (>= 2.7)
      net-telnet (= 0.1.1)
      sfl
    test-kitchen (1.8.0)
      mixlib-install (~> 1.0, >= 1.0.4)
      mixlib-shellout (>= 1.2, < 3.0)
      net-scp (~> 1.1)
      net-ssh (>= 2.9, < 4.0)
      safe_yaml (~> 1.0)
      thor (~> 0.18)
    thor (0.20.0)

PLATFORMS
  ruby

DEPENDENCIES
  kitchen-ansible (~> 0.48.0)
  kitchen-docker (~> 2.6.0)
  kitchen-ec2 (~> 2.2.0)
  kitchen-verifier-serverspec (~> 0.6.10)
  net-ssh (~> 3.2.0)
  serverspec (~> 2.41.0)
  test-kitchen (~> 1.8.0)

RUBY VERSION
   ruby 2.3.3p222

BUNDLED WITH
   1.16.6
